GEM
  remote: https://rubygems.org/
  specs:
    ast (2.3.0)
    aws-sdk (2.9.9)
      aws-sdk-resources (= 2.9.9)
    aws-sdk-core (2.9.9)
      aws-sigv4 (~> 1.0)
      jmespath (~> 1.0)
    aws-sdk-resources (2.9.9)
      aws-sdk-core (= 2.9.9)
    aws-sigv4 (1.0.0)
    cheatset (1.3.4)
      haml
      plist
      redcarpet
      rouge
      sanitize
      sqlite3
      thor
      unindent
    crass (1.0.2)
    diffy (3.2.0)
    haml (4.0.7)
      tilt
    hashie (3.5.5)
    jmespath (1.3.1)
    macaddr (1.7.1)
      systemu (~> 2.6.2)
    miam (0.2.3)
      aws-sdk-core (>= 2.0.42)
      diffy
      hashie
      parallel
      ruby-progressbar
      term-ansicolor
    mini_portile2 (2.1.0)
    net-dns2 (0.8.7)
      packetfu
    nokogiri (1.7.0.1)
      mini_portile2 (~> 2.1.0)
    nokogumbo (1.4.10)
      nokogiri
    packetfu (1.1.13)
      pcaprub
    parallel (1.11.1)
    parser (2.4.0.0)
      ast (~> 2.2)
    pcaprub (0.12.4)
    plist (3.2.0)
    powerpack (0.1.1)
    rainbow (2.1.0)
    redcarpet (3.4.0)
    roadworker (0.5.8)
      aws-sdk (>= 2.2.34)
      diffy
      hashie
      net-dns2 (~> 0.8.6)
      systemu
      term-ansicolor
      uuid
    rouge (2.0.7)
    rubocop (0.47.0)
      parser (>= 2.3.3.1, < 3.0)
      powerpack (~> 0.1)
      rainbow (>= 1.99.1, < 3.0)
      ruby-progressbar (~> 1.7)
      unicode-display_width (~> 1.0, >= 1.0.1)
    ruby-progressbar (1.8.1)
    sanitize (4.4.0)
      crass (~> 1.0.2)
      nokogiri (>= 1.4.4)
      nokogumbo (~> 1.4.1)
    sqlite3 (1.3.13)
    systemu (2.6.5)
    term-ansicolor (1.6.0)
      tins (~> 1.0)
    thor (0.19.4)
    tilt (2.0.6)
    tins (1.13.2)
    unicode-display_width (1.1.3)
    unindent (1.0)
    uuid (2.3.8)
      macaddr (~> 1.0)

PLATFORMS
  ruby

DEPENDENCIES
  cheatset
  miam
  rainbow (~> 2.0, != 2.2.1)
  roadworker
  rubocop (= 0.47.0)

BUNDLED WITH
   1.14.6
