GEM
  remote: https://rubygems.org/
  specs:
    ast (2.3.0)
    cheatset (1.3.4)
      haml
      plist
      redcarpet
      rouge
      sanitize
      sqlite3
      thor
      unindent
    crass (1.0.2)
    haml (4.0.7)
      tilt
    mini_portile2 (2.1.0)
    nokogiri (1.7.0.1)
      mini_portile2 (~> 2.1.0)
    nokogumbo (1.4.10)
      nokogiri
    parser (2.4.0.0)
      ast (~> 2.2)
    plist (3.2.0)
    powerpack (0.1.1)
    rainbow (2.1.0)
    redcarpet (3.4.0)
    rouge (2.0.7)
    rubocop (0.47.0)
      parser (>= 2.3.3.1, < 3.0)
      powerpack (~> 0.1)
      rainbow (>= 1.99.1, < 3.0)
      ruby-progressbar (~> 1.7)
      unicode-display_width (~> 1.0, >= 1.0.1)
    ruby-progressbar (1.8.1)
    sanitize (4.4.0)
      crass (~> 1.0.2)
      nokogiri (>= 1.4.4)
      nokogumbo (~> 1.4.1)
    sqlite3 (1.3.13)
    thor (0.19.4)
    tilt (2.0.6)
    unicode-display_width (1.1.3)
    unindent (1.0)

PLATFORMS
  ruby

DEPENDENCIES
  cheatset
  rainbow (~> 2.0, != 2.2.1)
  rubocop (= 0.47.0)

BUNDLED WITH
   1.14.6
